GEM
  remote: http://rubygems.org/
  specs:
    abstract (1.0.0)
    actionmailer (3.0.6)
      actionpack (= 3.0.6)
      mail (~> 2.2.15)
    actionpack (3.0.6)
      activemodel (= 3.0.6)
      activesupport (= 3.0.6)
      builder (~> 2.1.2)
      erubis (~> 2.6.6)
      i18n (~> 0.5.0)
      rack (~> 1.2.1)
      rack-mount (~> 0.6.14)
      rack-test (~> 0.5.7)
      tzinfo (~> 0.3.23)
    activemodel (3.0.6)
      activesupport (= 3.0.6)
      builder (~> 2.1.2)
      i18n (~> 0.5.0)
    activerecord (3.0.6)
      activemodel (= 3.0.6)
      activesupport (= 3.0.6)
      arel (~> 2.0.2)
      tzinfo (~> 0.3.23)
    activerecord-jdbc-adapter (1.1.1)
    activerecord-jdbcsqlite3-adapter (1.1.1)
      activerecord-jdbc-adapter (= 1.1.1)
      jdbc-sqlite3 (~> 3.6.0)
    activeresource (3.0.6)
      activemodel (= 3.0.6)
      activesupport (= 3.0.6)
    activesupport (3.0.6)
    addressable (2.2.5)
    arel (2.0.9)
    bouncy-castle-java (1.5.0145.2)
    builder (2.1.2)
    erubis (2.6.6)
      abstract (>= 1.0.0)
    faraday (0.5.7)
      addressable (~> 2.2.4)
      multipart-post (~> 1.1.0)
      rack (>= 1.1.0, < 2)
    fb_graph (1.6.2)
      activesupport (>= 2.3)
      json (>= 1.4.3)
      oauth2 (>= 0.1.0)
      rest-client (>= 1.4)
    i18n (0.5.0)
    jdbc-sqlite3 (3.6.14.2.056-java)
    jquery-rails (0.2.7)
      rails (~> 3.0)
      thor (~> 0.14.4)
    jruby-jars (1.6.1)
    jruby-openssl (0.7.3)
      bouncy-castle-java
    jruby-rack (1.0.8)
    json (1.5.1-java)
    json_pure (1.4.6)
    mail (2.2.16)
      activesupport (>= 2.3.6)
      i18n (>= 0.4.0)
      mime-types (~> 1.16)
      treetop (~> 1.4.8)
    mime-types (1.16)
    multi_json (0.0.5)
    multipart-post (1.1.0)
    nokogiri (1.4.4.2-java)
      weakling (>= 0.0.3)
    oa-core (0.1.6)
      rack (~> 1.1)
    oa-oauth (0.1.6)
      multi_json (~> 0.0.2)
      nokogiri (~> 1.4.2)
      oa-core (= 0.1.6)
      oauth (~> 0.4.0)
      oauth2 (~> 0.1.0)
    oauth (0.4.4)
    oauth2 (0.1.1)
      faraday (~> 0.5.0)
      multi_json (~> 0.0.4)
    polyglot (0.3.1)
    rack (1.2.2)
    rack-mount (0.6.14)
      rack (>= 1.0.0)
    rack-test (0.5.7)
      rack (>= 1.0)
    rails (3.0.6)
      actionmailer (= 3.0.6)
      actionpack (= 3.0.6)
      activerecord (= 3.0.6)
      activeresource (= 3.0.6)
      activesupport (= 3.0.6)
      bundler (~> 1.0)
      railties (= 3.0.6)
    railties (3.0.6)
      actionpack (= 3.0.6)
      activesupport (= 3.0.6)
      rake (>= 0.8.7)
      thor (~> 0.14.4)
    rake (0.8.7)
    redis (2.2.0)
    redis-namespace (0.8.0)
      redis (< 3.0.0)
    resque (1.9.10)
      json_pure (~> 1.4.0)
      redis-namespace (~> 0.8.0)
      sinatra (>= 0.9.2)
      vegas (~> 0.1.2)
    rest-client (1.6.1)
      mime-types (>= 1.16)
    rubyzip (0.9.4)
    sinatra (1.2.3)
      rack (~> 1.1)
      tilt (>= 1.2.2, < 2.0)
    thor (0.14.6)
    tilt (1.2.2)
    treetop (1.4.9)
      polyglot (>= 0.3.1)
    tzinfo (0.3.26)
    vegas (0.1.8)
      rack (>= 1.0.0)
    warbler (1.2.1)
      jruby-jars (>= 1.4.0)
      jruby-rack (>= 1.0.0)
      rake (>= 0.8.7)
      rubyzip (>= 0.9.4)
    weakling (0.0.4-java)

PLATFORMS
  java

DEPENDENCIES
  activerecord-jdbc-adapter
  activerecord-jdbcsqlite3-adapter
  fb_graph (= 1.6.2)
  jdbc-sqlite3
  jquery-rails (>= 0.2.6)
  jruby-openssl
  jruby-rack
  oa-oauth (= 0.1.6)
  rails (= 3.0.6)
  resque
  warbler
